{
    "SamplingFrequency": 1000.0,
    "EEGReference": "Cz",
    "EEGGround": "Fpz",
    "PowerLineFrequency": 50,
    "EEGChannelCount": 30,
    "EOGChannelCount": 0,
    "ECGChannelCount": 0,
    "EMGChannelCount": 0,
    "MiscChannelCount": 0,
    "TriggerChannelCount": 1,
    "RecordingType": "continuous",
    "RecordingDuration": 85.199,
    "Manufacturer": "Brain Products GmbH",
    "ManufacturersModelName": "ActiChamp RS232AMP",
    "CapManufacturer": "EasyCap",
    "CapManufacturersModelName": "actiCAP 32Ch Standard",
    "InstitutionName": "National Yang Ming Chiao Tung University",
    "InstitutionAddress": "Taipei, Taiwan",
    "InstitutionalDepartmentName": "Department of Biomedical Engineering",
    "HardwareFilters": {
        "Anti-aliasing filter": {
            "Cutoff (Hz)": 1000,
            "Roll-off": "30dB/Octave"
        },
        "High-pass filter": {
            "Cutoff (Hz)": 1.0
        },
        "Low-pass filter": {
            "Cutoff (Hz)": 50.0
        }
    },
    "SoftwareFilters": {
        "FIR bandpass filter": {
            "Passband (Hz)": "1-50",
            "Resampling rate (Hz)": 250
        }
    },
    "TaskName": "resting",
    "TaskDescription": "Resting-state EEG data was recorded before and after the experimental tasks. Participants were instructed to stay still, remain relaxed, and keep their eyes open."
}