{
    "TaskName": "task",
    "RecordingDuration": 1208.046,
    "SamplingFrequency": 1000.0,
    "PowerLineFrequency": 60,
    "EEGReference": "A1/A2",
    "EEGGround": "AFz",
    "EEGChannelCount": 30,
    "EOGChannelCount": 0,
    "ECGChannelCount": 0,
    "MiscChannelCount": 0,
    "TriggerChannelCount": "n/a",
    "CapManufacturersModelName": "30-channel EEG cap",
    "Manufacturer": "Compumedics Neuroscan",
    "ManufacturerModelName": "SynAmps RT 64",
    "InstitutionName": "National Yang Ming Chiao Tung University",
    "InstitutionAddress": "1001 University Road, Hsinchu, Taiwan",
    "InstitutionalDepartmentName": "CECN Lab",
    "DigitizedLandmarks": true,
    "DigitizedHeadPoints": false,
    "HeadCircumference": "not measured",
    "SoftwareFilters": {
        "Highpass": "n/a",
        "Lowpass": "n/a",
        "Notch": "Hardware-based 60Hz"
    }
}