{
    "InstitutionName": "National Chiao Tung University",
    "InstitutionAddress": "1001 University Road, Hsinchu, Taiwan",
    "InstitutionalDepartmentName": "CECNL",
    "CapManufacturer": "Compumedics Neuroscan",
    "CapManufacturersModelName": "30-channel EEG cap",
    "Manufacturer": "Compumedics Neuroscan",
    "ManufacturerModelName": "SynAmps RT 64",
    "EEGReference": "A1 and A2",
    "EEGGround": "AFz",
    "EEGChannelCount": 30,
    "EOGChannelCount": 0,
    "ECGChannelCount": 0,
    "MiscChannelCount": 0,
    "TriggerChannelCount": "n/a",
    "SamplingFrequency": 1000.0,
    "PowerLineFrequency": 60,
    "SoftwareFilters": "n/a",
    "HardwareFilters": "n/a",
    "DigitizedLandmarks": true,
    "DigitizedHeadPoints": false,
    "HeadCircumference": "not measured",
    "EpochLength": "n/a"
}