{
  "EEGReference": "A1/A2",
  "EEGGround": "AFz",
  "EEGChannelCount": 30,
  "EOGChannelCount": 0,
  "ECGChannelCount": 0,
  "MiscChannelCount": 0,
  "PowerLineFrequency": 60,
  "CapManufacturersModelName": "30-channel EEG cap",
  "Manufacturer": "Compumedics Neuroscan",
  "ManufacturerModelName": "SynAmps RT 64",
  "InstitutionName": "National Yang Ming Chiao Tung University",
  "InstitutionAddress": "1001 University Road, Hsinchu, Taiwan",
  "InstitutionalDepartmentName": "CECN Lab",
  "DigitizedLandmarks": true,
  "DigitizedHeadPoints": false,
  "SoftwareFilters": {},
  "TaskName": "rest1",
  "RecordingDuration": 122.48,
  "SamplingFrequency": 1000.0,
  "SoftwareVersions": "Curry 8 NeuroScan",
  "TaskDescription": "resting-state recording.",
  "Instructions": "For eye-closed resting, please close your eyes and press the spacebar. After approximately 30 seconds, a piano sound will play, signaling you to open your eyes. For eye-open resting, please fixate on the white cross on the screen and press the spacebar. Press the spacebar again to proceed after the resting phase ends.",
  "ManufacturersModelName": "SynAmps RT 64",
  "DeviceSerialNumber": "81220417",
  "CapManufacturer": "Compumedics Neuroscan",
  "RecordingType": "continuous",
  "EEGPlacementScheme": "10-20",
  "HardwareFilters": {
  "Notch": {
    "Frequency": 60,
    "Type": "hardware-based"
  }
},

  "SubjectArtefactDescription": "n/a",
  "EMGChannelCount": 0,
  "MISCChannelCount": 0,
  "TriggerChannelCount": 1,
  "EpochLength": "n/a",
  "HeadCircumference": "not measured",
  "CogAtlasID": "https://www.cognitiveatlas.org/task/id/trm_54e69c642d89b",
  "CogPOID": "https://www.cognitiveatlas.org/concept/id/trm_4a3fd79d0aab4"



}