{
  "TaskName": "rest2",
  "SamplingFrequency": 1000,
  "PowerLineFrequency": 60,
  "EEGChannelCount": 30,
  "EEGPlacementScheme": "10-20",
  "EEGReference": "A1 and A2",
  "EEGGround": "AFz",
  "SoftwareVersions": "NeuroScan Scan4.3 + E-Prime 3.0",
  "DeviceSerialNumber": "SynAmps RT 64 (Compumedics Neuroscan)",
  "CogAtlasID": "n/a",
  "CogPOID": "n/a",
  "MISCChannelCount": 0,
  "RecordingType": "continuous",
  "Instructions": "For eye-closed resting, please close your eyes and press the spacebar. After approximately 30 seconds, a piano sound will play, signaling you to open your eyes. For eye-open resting, please fixate on the white cross on the screen and press the spacebar. Press the spacebar again to proceed after the resting phase ends.",
  "SubjectArtefactDescription": "Participants were instructed to minimize movements and eye blinks. Behavior was monitored during the session.",
  "SoftwareFilters": {
    "Notch": {
      "Type": "IIR",
      "Frequency": 60
    }
  }
}